GEM
  remote: https://rubygems.org/
  specs:
    mysql2 (0.5.3)
    sequel (5.39.0)

PLATFORMS
  ruby

DEPENDENCIES
  mysql2 (~> 0.5.3)
  sequel (~> 5.39)

BUNDLED WITH
   2.1.4
